GEM
  remote: https://rubygems.org/
  specs:
    activesupport (3.0.0)
    addressable (2.3.6)
    atomic (1.1.16)
    buftok (0.2.0)
    cassandra (0.23.0)
      json
      rake
      simple_uuid (~> 0.3)
      thrift_client (~> 0.7, < 0.9)
    cookiejar (0.3.2)
    daemons (1.1.9)
    dotenv (0.10.0)
    elasticsearch (1.0.1)
      elasticsearch-api (= 1.0.1)
      elasticsearch-transport (= 1.0.1)
    elasticsearch-api (1.0.1)
      multi_json
    elasticsearch-transport (1.0.1)
      faraday
      multi_json
    em-http-request (1.1.2)
      addressable (>= 2.3.4)
      cookiejar
      em-socksify (>= 0.3)
      eventmachine (>= 1.0.3)
      http_parser.rb (>= 0.6.0)
    em-socksify (0.3.0)
      eventmachine (>= 1.0.0.beta.4)
    em-twitter (0.3.3)
      buftok (~> 0.2)
      eventmachine (~> 1.0)
      http_parser.rb (~> 0.6)
      simple_oauth (~> 0.2)
    equalizer (0.0.9)
    eventmachine (1.0.3)
    faraday (0.9.0)
      multipart-post (>= 1.2, < 3)
    foreman (0.63.0)
      dotenv (>= 0.7)
      thor (>= 0.13.6)
    forgery (0.5.0)
    http (0.5.0)
      http_parser.rb
    http_parser.rb (0.6.0)
    i18n (0.6.9)
    json (1.8.1)
    lorem_ipsum_amet (0.6.2)
    memoizable (0.4.2)
      thread_safe (~> 0.3, >= 0.3.1)
    mono_logger (1.1.0)
    multi_json (1.9.2)
    multipart-post (2.0.0)
    naught (1.0.0)
    rack (1.5.2)
    rack-protection (1.5.2)
      rack
    rake (10.2.2)
    redis (3.0.7)
    redis-namespace (1.4.1)
      redis (~> 3.0.4)
    resque (1.25.2)
      mono_logger (~> 1.0)
      multi_json (~> 1.0)
      redis-namespace (~> 1.3)
      sinatra (>= 0.9.2)
      vegas (~> 0.1.2)
    simple_oauth (0.2.0)
    simple_uuid (0.4.0)
    sinatra (1.4.4)
      rack (~> 1.4)
      rack-protection (~> 1.4)
      tilt (~> 1.3, >= 1.3.4)
    thor (0.19.1)
    thread_safe (0.3.1)
      atomic (>= 1.1.7, < 2)
    thrift (0.8.0)
    thrift_client (0.8.4)
      thrift (~> 0.8.0)
    tilt (1.4.1)
    tweetstream (2.6.1)
      daemons (~> 1.1)
      em-http-request (>= 1.1.1)
      em-twitter (~> 0.3)
      multi_json (~> 1.3)
      twitter (~> 5.5)
    twitter (5.8.0)
      addressable (~> 2.3)
      buftok (~> 0.2.0)
      equalizer (~> 0.0.9)
      faraday (~> 0.9.0)
      http (~> 0.5.0)
      http_parser.rb (~> 0.6.0)
      json (~> 1.8)
      memoizable (~> 0.4.0)
      naught (~> 1.0)
      simple_oauth (~> 0.2.0)
    vegas (0.1.11)
      rack (>= 1.0.0)
    weighted_randomizer (0.1.2)

PLATFORMS
  ruby

DEPENDENCIES
  activesupport
  cassandra (~> 0.23.0)
  elasticsearch (~> 1.0.1)
  faraday (~> 0.9.0)
  foreman (~> 0.63.0)
  forgery (= 0.5.0)
  i18n
  lorem_ipsum_amet
  multi_json (~> 1.9.2)
  redis (~> 3.0.7)
  resque (~> 1.25.2)
  tweetstream (~> 2.6.1)
  weighted_randomizer
